GEM
  remote: https://rubygems.org/
  specs:
    array_include_methods (1.4.0)
    chunky_png (1.4.0)
    color (1.8)
    concurrent-ruby (1.2.2)
    connection_pool (2.4.1)
    equalizer (0.0.11)
    facets (3.1.0)
    glimmer (2.7.3)
      array_include_methods (~> 1.4.0)
      facets (>= 3.1.0, < 4.0.0)
    glimmer-dsl-libui (0.5.24)
      chunky_png (~> 1.4.0)
      color (~> 1.8)
      equalizer (= 0.0.11)
      glimmer (~> 2.7.3)
      libui (~> 0.0.15)
      os (>= 1.0.0, < 2.0.0)
      perfect-shape (~> 1.0.5)
      rouge (>= 3.26.0, < 4.0.0)
      super_module (~> 1.4.1)
    libui (0.0.15)
    matrix (0.4.2)
    method_source (1.0.0)
    os (1.1.4)
    perfect-shape (1.0.8)
      equalizer (>= 0.0.11, < 1.1.0)
      matrix (>= 0.4.2, < 1.1.0)
    rack (3.0.8)
    rake (13.1.0)
    redis-client (0.18.0)
      connection_pool
    rouge (3.30.0)
    sidekiq (7.2.0)
      concurrent-ruby (< 2)
      connection_pool (>= 2.3.0)
      rack (>= 2.2.4)
      redis-client (>= 0.14.0)
    super_module (1.4.1)
      method_source (>= 0.8.2, < 1.1.0)

PLATFORMS
  arm64-darwin-22

DEPENDENCIES
  glimmer-dsl-libui
  rake
  sidekiq

BUNDLED WITH
   2.4.22
